GEM
  remote: https://rubygems.org/
  specs:
    activemodel (4.0.0)
      activesupport (= 4.0.0)
      builder (~> 3.1.0)
    activerecord (4.0.0)
      activemodel (= 4.0.0)
      activerecord-deprecated_finders (~> 1.0.2)
      activesupport (= 4.0.0)
      arel (~> 4.0.0)
    activerecord-deprecated_finders (1.0.3)
    activesupport (4.0.0)
      i18n (~> 0.6, >= 0.6.4)
      minitest (~> 4.2)
      multi_json (~> 1.3)
      thread_safe (~> 0.1)
      tzinfo (~> 0.3.37)
    addressable (2.3.5)
    arel (4.0.0)
    atomic (1.1.14)
    backports (3.3.3)
    builder (3.1.4)
    coderay (1.0.9)
    crack (0.4.1)
      safe_yaml (~> 0.9.0)
    database_cleaner (1.1.1)
    diff-lcs (1.2.4)
    dotenv (0.9.0)
    factory_girl (4.2.0)
      activesupport (>= 3.0.0)
    foreman (0.63.0)
      dotenv (>= 0.7)
      thor (>= 0.13.6)
    i18n (0.6.5)
    json (1.8.0)
    jsonify (0.4.1)
      multi_json (~> 1.3)
    kgio (2.8.1)
    libv8 (3.16.14.3)
    method_source (0.8.2)
    minitest (4.7.5)
    multi_json (1.8.0)
    pg (0.16.0)
    pry (0.9.12.2)
      coderay (~> 1.0.5)
      method_source (~> 0.8)
      slop (~> 3.4)
    rack (1.5.2)
    rack-protection (1.5.0)
      rack
    rack-test (0.6.2)
      rack (>= 1.0)
    racksh (1.0.0)
      rack (>= 1.0)
      rack-test (>= 0.5)
    raindrops (0.12.0)
    rake (10.1.0)
    rb-fsevent (0.9.3)
    ref (1.0.5)
    rspec (2.14.1)
      rspec-core (~> 2.14.0)
      rspec-expectations (~> 2.14.0)
      rspec-mocks (~> 2.14.0)
    rspec-core (2.14.5)
    rspec-expectations (2.14.2)
      diff-lcs (>= 1.1.3, < 2.0)
    rspec-mocks (2.14.3)
    safe_yaml (0.9.5)
    sinatra (1.4.3)
      rack (~> 1.4)
      rack-protection (~> 1.4)
      tilt (~> 1.3, >= 1.3.4)
    sinatra-activerecord (1.2.3)
      activerecord (>= 3.0)
      sinatra (~> 1.0)
    sinatra-contrib (1.4.1)
      backports (>= 2.0)
      multi_json
      rack-protection
      rack-test
      sinatra (~> 1.4.0)
      tilt (~> 1.3)
    slop (3.4.6)
    state_machine (1.2.0)
    therubyracer (0.12.0)
      libv8 (~> 3.16.14.0)
      ref
    thor (0.18.1)
    thread_safe (0.1.3)
      atomic
    tilt (1.4.1)
    tzinfo (0.3.37)
    unicorn (4.6.3)
      kgio (~> 2.6)
      rack
      raindrops (~> 0.7)
    webmock (1.6.2)
      addressable (>= 2.2.2)
      crack (>= 0.1.7)

PLATFORMS
  ruby

DEPENDENCIES
  activesupport
  database_cleaner
  dotenv
  factory_girl
  foreman
  json
  jsonify
  pg
  pry
  rack-test
  racksh
  rake
  rb-fsevent
  rspec
  sinatra
  sinatra-activerecord (~> 1.2.2)
  sinatra-contrib
  state_machine
  therubyracer
  unicorn
  webmock (= 1.6.2)
